GEM
  remote: http://rubygems.org/
  specs:
    daemons (1.1.8)
    diff-lcs (1.1.3)
    eventmachine (0.12.10)
    pg (0.13.2)
    rack (1.4.1)
    rack-protection (1.2.0)
      rack
    rspec (2.10.0)
      rspec-core (~> 2.10.0)
      rspec-expectations (~> 2.10.0)
      rspec-mocks (~> 2.10.0)
    rspec-core (2.10.0)
    rspec-expectations (2.10.0)
      diff-lcs (~> 1.1.3)
    rspec-mocks (2.10.1)
    sequel (3.35.0)
    sinatra (1.3.2)
      rack (~> 1.3, >= 1.3.6)
      rack-protection (~> 1.2)
      tilt (~> 1.3, >= 1.3.3)
    sinatra-sequel (0.9.0)
      sequel (>= 3.2.0)
      sinatra (>= 0.9.4)
    slim (1.2.1)
      temple (~> 0.4.0)
      tilt (~> 1.3.3)
    sqlite3 (1.3.6)
    temple (0.4.0)
    thin (1.3.1)
      daemons (>= 1.0.9)
      eventmachine (>= 0.12.6)
      rack (>= 1.0.0)
    tilt (1.3.3)

PLATFORMS
  ruby

DEPENDENCIES
  pg
  rspec
  sequel
  sinatra
  sinatra-sequel
  slim
  sqlite3
  thin
